PATH
  remote: .
  specs:
    fluent-plugin-proxysql-query-log (0.4.0)
      cool.io
      fluentd (>= 0.14.2, < 2)
      proxysql_query_log-parser

GEM
  remote: https://rubygems.org/
  specs:
    cool.io (1.5.3)
    dig_rb (1.0.1)
    ffi (1.9.25)
    fluent-plugin-systemd (1.0.1)
      fluentd (>= 0.14.11, < 2)
      systemd-journal (~> 1.3.2)
    fluentd (1.2.5)
      cool.io (>= 1.4.5, < 2.0.0)
      dig_rb (~> 1.0.0)
      http_parser.rb (>= 0.5.1, < 0.7.0)
      msgpack (>= 0.7.0, < 2.0.0)
      serverengine (>= 2.0.4, < 3.0.0)
      sigdump (~> 0.2.2)
      strptime (>= 0.2.2, < 1.0.0)
      tzinfo (~> 1.0)
      tzinfo-data (~> 1.0)
      yajl-ruby (~> 1.0)
    http_parser.rb (0.6.0)
    msgpack (1.2.4)
    power_assert (1.1.3)
    proxysql_query_log-parser (0.0.3)
    rake (12.3.1)
    serverengine (2.0.7)
      sigdump (~> 0.2.2)
    sigdump (0.2.4)
    strptime (0.2.3)
    systemd-journal (1.3.3)
      ffi (~> 1.9)
    test-unit (3.2.8)
      power_assert
    thread_safe (0.3.6)
    tzinfo (1.2.5)
      thread_safe (~> 0.1)
    tzinfo-data (1.2018.5)
      tzinfo (>= 1.0.0)
    yajl-ruby (1.4.1)

PLATFORMS
  ruby

DEPENDENCIES
  bundler (~> 1.14)
  fluent-plugin-proxysql-query-log!
  fluent-plugin-systemd
  rake (~> 12.0)
  test-unit (~> 3.0)

BUNDLED WITH
   1.16.4
